RESTRICTION: >= net45
NUGET
  remote: https://www.nuget.org/api/v2
    Extended.Wpf.Toolkit (3.0)
    gong-wpf-dragdrop (1.1)
    JetBrains.Annotations (10.4)
    MahApps.Metro (1.6.0-alpha006)
    MahApps.Metro.IconPacks (1.9)
